PATH
  remote: .
  specs:
    showoff-io (0.3.1)
      highline (>= 1.6.1)
      json_pure
      net-ssh (>= 2.0.23)
      rest-client (= 1.6.1)

GEM
  remote: http://rubygems.org/
  specs:
    highline (1.6.11)
    json_pure (1.4.6)
    mime-types (1.18)
    net-ssh (2.3.0)
    rest-client (1.6.1)
      mime-types (>= 1.16)

PLATFORMS
  ruby

DEPENDENCIES
  showoff-io!
